NUGET
  remote: https://www.nuget.org/api/v2
    FAKE (4.64.13)
    xunit.runner.console (2.4.1)
